GEM
  remote: https://rubygems.org/
  specs:
    pg (0.18.4)
    rake (10.5.0)
    sequel (4.30.0)

PLATFORMS
  ruby

DEPENDENCIES
  pg
  rake
  sequel

BUNDLED WITH
   1.11.2
